GIT
  remote: git://github.com/razor-x/config_curator.git
  revision: 6bc59d651b8e81d0dc5d8eebba4b6e82dfd74a3f
  specs:
    config_curator (0.3.0)
      activesupport (~> 4.2)
      thor (~> 0.19)

GEM
  specs:
    activesupport (4.2.4)
      i18n (~> 0.7)
      json (~> 1.7, >= 1.7.7)
      minitest (~> 5.1)
      thread_safe (~> 0.3, >= 0.3.4)
      tzinfo (~> 1.1)
    i18n (0.7.0)
    json (1.8.1)
    minitest (5.8.0)
    thor (0.19.1)
    thread_safe (0.3.5)
    tzinfo (1.2.2)
      thread_safe (~> 0.1)

PLATFORMS
  x64-mingw32

DEPENDENCIES
  config_curator!

BUNDLED WITH
   1.10.6
